GEM
  remote: https://rubygems.org/
  specs:
    ast (2.4.0)
    parallel (1.12.1)
    parser (2.7.0.2)
      ast (~> 2.4.0)
    powerpack (0.1.1)
    rainbow (3.0.0)
    rubocop (0.52.1)
      parallel (>= 1.10, < 2.0)
      parser (>= 2.4.0.2, < 3.0)
      powerpack (~> 0.1)
      rainbow (>= 2.2.2, < 4.0)
      ruby-progressbar (>= 1.4, < 2.0)
      unicode-display_width (~> 1.0, >= 1.0.1)
    ruby-progressbar (1.10.1)
    unicode-display_width (1.1.3)

PLATFORMS
  ruby

DEPENDENCIES
  rubocop

BUNDLED WITH
   2.1.4
